GEM
  remote: https://rubygems.org/
  specs:
    bigcommerce (1.0.0)
      faraday (~> 0.9)
      faraday_middleware (~> 0.10.0)
      hashie (~> 3.4)
    faraday (0.12.1)
      multipart-post (>= 1.2, < 3)
    faraday_middleware (0.10.1)
      faraday (>= 0.7.4, < 1.0)
    hashie (3.5.5)
    httpauth (0.2.1)
    jwt (0.1.13)
      multi_json (>= 1.5)
    multi_json (1.12.1)
    multipart-post (2.0.0)
    oauth2 (0.8.1)
      faraday (~> 0.8)
      httpauth (~> 0.1)
      jwt (~> 0.1.4)
      multi_json (~> 1.0)
      rack (~> 1.2)
    omniauth (1.6.1)
      hashie (>= 3.4.6, < 3.6.0)
      rack (>= 1.6.2, < 3)
    omniauth-bigcommerce (0.3.0)
      omniauth
      omniauth-oauth2 (>= 1.1.1)
    omniauth-oauth2 (1.1.1)
      oauth2 (~> 0.8.0)
      omniauth (~> 1.0)
    rack (1.6.5)
    rack-protection (1.5.3)
      rack
    rake (12.0.0)
    redis (3.3.3)
    redis-namespace (1.5.3)
      redis (~> 3.0, >= 3.0.4)
    resque (1.22.0)
      multi_json (~> 1.0)
      redis-namespace (~> 1.0)
      sinatra (>= 0.9.2)
      vegas (~> 0.1.2)
    sinatra (1.4.8)
      rack (~> 1.5)
      rack-protection (~> 1.4)
      tilt (>= 1.3, < 3)
    tilt (2.0.7)
    vegas (0.1.11)
      rack (>= 1.0.0)

PLATFORMS
  ruby

DEPENDENCIES
  bigcommerce
  omniauth-bigcommerce (~> 0.3.0)
  rake
  resque (~> 1.22.0)
  sinatra (~> 1.4.8)

BUNDLED WITH
   1.14.6
